PATH
  remote: .
  specs:
    activerecord-has_trait (0.1.0)
      activerecord (> 6, < 8)
      activerecord-not_nil

GEM
  remote: https://rubygems.org/
  specs:
    activemodel (7.1.1)
      activesupport (= 7.1.1)
    activerecord (7.1.1)
      activemodel (= 7.1.1)
      activesupport (= 7.1.1)
      timeout (>= 0.4.0)
    activerecord-not_nil (0.0.0)
      activerecord (> 6, < 8)
      not_niller (= 0.0.0)
    activesupport (7.1.1)
      base64
      bigdecimal
      concurrent-ruby (~> 1.0, >= 1.0.2)
      connection_pool (>= 2.2.5)
      drb
      i18n (>= 1.6, < 2)
      minitest (>= 5.1)
      mutex_m
      tzinfo (~> 2.0)
    base64 (0.1.1)
    bigdecimal (3.1.4)
    coderay (1.1.3)
    concurrent-ruby (1.2.2)
    connection_pool (2.4.1)
    drb (2.1.1)
      ruby2_keywords
    i18n (1.14.1)
      concurrent-ruby (~> 1.0)
    method_source (1.0.0)
    minitest (5.20.0)
    minitest-focus (1.4.0)
      minitest (>= 4, < 6)
    mutex_m (0.1.2)
    not_niller (0.0.0)
    pry (0.14.2)
      coderay (~> 1.1)
      method_source (~> 1.0)
    rake (13.0.6)
    ruby2_keywords (0.0.5)
    timeout (0.4.0)
    tzinfo (2.0.6)
      concurrent-ruby (~> 1.0)

PLATFORMS
  x86_64-darwin-22

DEPENDENCIES
  activerecord-has_trait!
  minitest-focus
  pry
  rake (~> 13.0)

BUNDLED WITH
   2.4.4
